GEM
  remote: https://rubygems.org/
  specs:
    ast (2.4.0)
    backports (3.15.0)
    bcrypt (3.1.13)
    coderay (1.1.2)
    diff-lcs (1.3)
    jaro_winkler (1.5.4)
    method_source (0.9.2)
    multi_json (1.14.1)
    mustermann (1.1.1)
      ruby2_keywords (~> 0.0.1)
    nio4r (2.5.2)
    parallel (1.19.1)
    parser (2.7.0.2)
      ast (~> 2.4.0)
    pg (1.2.2)
    pry (0.12.2)
      coderay (~> 1.1.0)
      method_source (~> 0.9.0)
    puma (4.3.1)
      nio4r (~> 2.0)
    rack (2.1.1)
    rack-contrib (2.1.0)
      rack (~> 2.0)
    rack-protection (2.0.8.1)
      rack
    rainbow (3.0.0)
    rake (13.0.1)
    rspec (3.9.0)
      rspec-core (~> 3.9.0)
      rspec-expectations (~> 3.9.0)
      rspec-mocks (~> 3.9.0)
    rspec-core (3.9.1)
      rspec-support (~> 3.9.1)
    rspec-expectations (3.9.0)
      diff-lcs (>= 1.2.0, < 2.0)
      rspec-support (~> 3.9.0)
    rspec-mocks (3.9.1)
      diff-lcs (>= 1.2.0, < 2.0)
      rspec-support (~> 3.9.0)
    rspec-support (3.9.2)
    rubocop (0.79.0)
      jaro_winkler (~> 1.5.1)
      parallel (~> 1.10)
      parser (>= 2.7.0.1)
      rainbow (>= 2.2.2, < 4.0)
      ruby-progressbar (~> 1.7)
      unicode-display_width (>= 1.4.0, < 1.7)
    ruby-progressbar (1.10.1)
    ruby2_keywords (0.0.2)
    sequel (5.28.0)
    sinatra (2.0.8.1)
      mustermann (~> 1.0)
      rack (~> 2.0)
      rack-protection (= 2.0.8.1)
      tilt (~> 2.0)
    sinatra-contrib (2.0.8.1)
      backports (>= 2.8.2)
      multi_json
      mustermann (~> 1.0)
      rack-protection (= 2.0.8.1)
      sinatra (= 2.0.8.1)
      tilt (~> 2.0)
    tilt (2.0.10)
    unicode-display_width (1.6.0)

PLATFORMS
  ruby

DEPENDENCIES
  bcrypt (~> 3.1)
  pg (~> 1.2)
  pry (~> 0.12)
  puma (~> 4.3)
  rack (~> 2.1)
  rack-contrib (~> 2.1)
  rake (~> 13.0)
  rspec (~> 3.9)
  rubocop (~> 0.79)
  sequel (~> 5.28)
  sinatra (~> 2.0)
  sinatra-contrib (~> 2.0)

RUBY VERSION
   ruby 2.6.5p114

BUNDLED WITH
   2.1.2
