GEM
  remote: https://rubygems.org/
  specs:
    ast (2.4.0)
    bcrypt (3.1.13)
    coderay (1.1.2)
    jaro_winkler (1.5.4)
    method_source (0.9.2)
    mustermann (1.0.3)
    parallel (1.18.0)
    parser (2.6.5.0)
      ast (~> 2.4.0)
    pg (1.1.4)
    pry (0.12.2)
      coderay (~> 1.1.0)
      method_source (~> 0.9.0)
    rack (2.0.7)
    rack-protection (2.0.7)
      rack
    rainbow (3.0.0)
    rake (13.0.0)
    rubocop (0.76.0)
      jaro_winkler (~> 1.5.1)
      parallel (~> 1.10)
      parser (>= 2.6)
      rainbow (>= 2.2.2, < 4.0)
      ruby-progressbar (~> 1.7)
      unicode-display_width (>= 1.4.0, < 1.7)
    ruby-progressbar (1.10.1)
    sequel (5.26.0)
    sinatra (2.0.7)
      mustermann (~> 1.0)
      rack (~> 2.0)
      rack-protection (= 2.0.7)
      tilt (~> 2.0)
    tilt (2.0.10)
    unicode-display_width (1.6.0)

PLATFORMS
  ruby

DEPENDENCIES
  bcrypt (~> 3.1)
  pg (~> 1.1)
  pry (~> 0.12)
  rake (~> 13.0)
  rubocop (~> 0.76)
  sequel (~> 5.26)
  sinatra (~> 2.0)

BUNDLED WITH
   2.0.2
